NUGET
  remote: https://www.nuget.org/api/v2
    FSharp.Core (4.0.0.1) - redirects: force
    log4net (2.0.5)
GITHUB
  remote: WarwickEPR/Endorphin.Core
    src/Choice.fs (6a92e8165e66d8d1684ec4707f04e8c97c2b0fcc)
    src/Control.fs (6a92e8165e66d8d1684ec4707f04e8c97c2b0fcc)
    src/String.fs (6a92e8165e66d8d1684ec4707f04e8c97c2b0fcc)
    src/Units.fs (6a92e8165e66d8d1684ec4707f04e8c97c2b0fcc)
GROUP Build
NUGET
  remote: https://www.nuget.org/api/v2
    FAKE (4.29.2)
    FSharp.Compiler.Service (2.0.0.6)
    FSharp.Formatting (2.14.4)
      FSharp.Compiler.Service (2.0.0.6)
      FSharpVSPowerTools.Core (>= 2.3 < 2.4)
    FSharpVSPowerTools.Core (2.3)
      FSharp.Compiler.Service (>= 2.0.0.3)
    Microsoft.Bcl (1.1.10) - framework: net10, net11, net20, net30, net35, net40, net40-full
      Microsoft.Bcl.Build (>= 1.0.14)
    Microsoft.Bcl.Build (1.0.21) - import_targets: false, framework: net10, net11, net20, net30, net35, net40, net40-full
    Microsoft.Net.Http (2.2.29) - framework: net10, net11, net20, net30, net35, net40, net40-full
      Microsoft.Bcl (>= 1.1.10)
      Microsoft.Bcl.Build (>= 1.0.14)
    Octokit (0.20)
      Microsoft.Net.Http  - framework: net10, net11, net20, net30, net35, net40, net40-full
    SourceLink.Fake (1.1)
GITHUB
  remote: fsharp/FAKE
    modules/Octokit/Octokit.fsx (911c3efbc9127d52b1db0dc0ed6e12aafd23d548)
      Octokit (>= 0.20)